PATH
  remote: .
  specs:
    list_of_countries_states_cities (0.1.0)

GEM
  remote: https://rubygems.org/
  specs:
    minitest (5.14.1)
    rake (12.3.3)

PLATFORMS
  ruby

DEPENDENCIES
  list_of_countries_states_cities!
  minitest (~> 5.0)
  rake (~> 12.0)

BUNDLED WITH
   2.1.4
